GEM
  remote: https://rubygems.org/
  specs:
    ffi (1.17.0-x64-mingw-ucrt)
    ffi (1.17.0-x86_64-linux-gnu)
    sys-proctable (1.3.0)
      ffi (~> 1.1)

PLATFORMS
  x64-mingw-ucrt
  x86_64-linux-gnu

DEPENDENCIES
  sys-proctable

BUNDLED WITH
   2.5.16
